GEM
  remote: https://rubygems.org/
  specs:
    minitest (5.11.3)
    minitest-spec (0.0.2.1)
      minitest (>= 3.0)

PLATFORMS
  ruby

DEPENDENCIES
  minitest (~> 5.11)
  minitest-spec (= 0.0.2.1)

BUNDLED WITH
   1.15.4
