GEM
  remote: https://rubygems.org/
  specs:
    ast (2.3.0)
    minitest (5.10.3)
    parallel (1.12.0)
    parser (2.4.0.0)
      ast (~> 2.2)
    powerpack (0.1.1)
    purdytest (2.0.0)
      minitest (~> 5.5)
    rainbow (2.2.2)
      rake
    rake (13.0.6)
    rubocop (0.51.0)
      parallel (~> 1.10)
      parser (>= 2.3.3.1, < 3.0)
      powerpack (~> 0.1)
      rainbow (>= 2.2.2, < 3.0)
      ruby-progressbar (~> 1.7)
      unicode-display_width (~> 1.0, >= 1.0.1)
    ruby-progressbar (1.9.0)
    term-ansicolor (1.6.0)
      tins (~> 1.0)
    tins (1.15.1)
    unicode-display_width (1.3.0)

PLATFORMS
  ruby

DEPENDENCIES
  minitest (~> 5.10)
  purdytest
  rubocop (~> 0.51.0)
  term-ansicolor

BUNDLED WITH
   1.15.4
